PATH
  remote: .
  specs:
    funneler (1.2.2)
      jwt

GEM
  remote: https://rubygems.org/
  specs:
    ast (2.4.0)
    byebug (11.1.3)
    coderay (1.1.3)
    diff-lcs (1.2.5)
    jaro_winkler (1.5.4)
    jwt (2.1.0)
    method_source (1.0.0)
    parallel (1.19.1)
    parser (2.7.0.2)
      ast (~> 2.4.0)
    pry (0.13.1)
      coderay (~> 1.1)
      method_source (~> 1.0)
    pry-byebug (3.9.0)
      byebug (~> 11.0)
      pry (~> 0.13.0)
    rainbow (3.0.0)
    rake (10.5.0)
    rdoc (6.2.1)
    rspec (3.4.0)
      rspec-core (~> 3.4.0)
      rspec-expectations (~> 3.4.0)
      rspec-mocks (~> 3.4.0)
    rspec-core (3.4.1)
      rspec-support (~> 3.4.0)
    rspec-expectations (3.4.0)
      diff-lcs (>= 1.2.0, < 2.0)
      rspec-support (~> 3.4.0)
    rspec-mocks (3.4.1)
      diff-lcs (>= 1.2.0, < 2.0)
      rspec-support (~> 3.4.0)
    rspec-support (3.4.1)
    rspec_junit_formatter (0.4.1)
      rspec-core (>= 2, < 4, != 2.12.0)
    rubocop (0.77.0)
      jaro_winkler (~> 1.5.1)
      parallel (~> 1.10)
      parser (>= 2.6)
      rainbow (>= 2.2.2, < 4.0)
      ruby-progressbar (~> 1.7)
      unicode-display_width (>= 1.4.0, < 1.7)
    ruby-progressbar (1.10.1)
    sdoc (1.0.0)
      rdoc (>= 5.0)
    timecop (0.8.0)
    unicode-display_width (1.6.1)

PLATFORMS
  ruby

DEPENDENCIES
  bundler
  funneler!
  pry-byebug
  rake
  rspec
  rspec_junit_formatter
  rubocop
  sdoc
  timecop

BUNDLED WITH
   1.17.3
