PATH
  remote: .
  specs:
    funneler (1.2.2)
      jwt

GEM
  remote: https://rubygems.org/
  specs:
    ast (2.4.2)
    byebug (8.2.5)
    coderay (1.1.0)
    diff-lcs (1.2.5)
    jwt (2.1.0)
    method_source (0.8.2)
    parallel (1.20.1)
    parser (3.0.1.0)
      ast (~> 2.4.1)
    pry (0.10.3)
      coderay (~> 1.1.0)
      method_source (~> 0.8.1)
      slop (~> 3.4)
    pry-byebug (3.3.0)
      byebug (~> 8.0)
      pry (~> 0.10)
    rainbow (3.0.0)
    rake (10.5.0)
    rdoc (6.2.1)
    regexp_parser (2.1.1)
    rexml (3.2.5)
    rspec (3.4.0)
      rspec-core (~> 3.4.0)
      rspec-expectations (~> 3.4.0)
      rspec-mocks (~> 3.4.0)
    rspec-core (3.4.1)
      rspec-support (~> 3.4.0)
    rspec-expectations (3.4.0)
      diff-lcs (>= 1.2.0, < 2.0)
      rspec-support (~> 3.4.0)
    rspec-mocks (3.4.1)
      diff-lcs (>= 1.2.0, < 2.0)
      rspec-support (~> 3.4.0)
    rspec-support (3.4.1)
    rspec_junit_formatter (0.4.1)
      rspec-core (>= 2, < 4, != 2.12.0)
    rubocop (1.13.0)
      parallel (~> 1.10)
      parser (>= 3.0.0.0)
      rainbow (>= 2.2.2, < 4.0)
      regexp_parser (>= 1.8, < 3.0)
      rexml
      rubocop-ast (>= 1.2.0, < 2.0)
      ruby-progressbar (~> 1.7)
      unicode-display_width (>= 1.4.0, < 3.0)
    rubocop-ast (1.4.1)
      parser (>= 2.7.1.5)
    ruby-progressbar (1.11.0)
    sdoc (1.0.0)
      rdoc (>= 5.0)
    slop (3.6.0)
    timecop (0.8.0)
    unicode-display_width (2.0.0)

PLATFORMS
  ruby

DEPENDENCIES
  bundler
  funneler!
  pry-byebug
  rake
  rspec
  rspec_junit_formatter
  rubocop
  sdoc
  timecop

BUNDLED WITH
   1.17.3
